GEM
  remote: http://rubygems.org/
  specs:
    rack (2.2.14)

PLATFORMS
  ruby

DEPENDENCIES
  rack
